GIT
  remote: git://github.com/bpm/bpm.git
  revision: cb14e178bbd818110cd08aa6f2c7927a0e69e1a9
  specs:
    bpm (1.0.0.beta.13)
      gemcutter (~> 0.6.1)
      highline (~> 1.6.1)
      json_pure (~> 1.4.6)
      libgems (~> 0.1.2)
      sprockets (~> 2.0.0.beta.13)
      therubyracer (~> 0.9.3)
      thor (~> 0.14.3)

GEM
  specs:
    gemcutter (0.6.1)
    highline (1.6.2)
    hike (1.2.0)
    json_pure (1.4.6)
    libgems (0.1.2)
    libv8 (3.3.10.2)
    rack (1.3.2)
    sprockets (2.0.0.beta.13)
      hike (~> 1.2)
      rack (~> 1.0)
      tilt (!= 1.3.0, ~> 1.1)
    therubyracer (0.9.3)
      libv8 (~> 3.3.10)
    thor (0.14.6)
    tilt (1.3.2)

PLATFORMS
  ruby

DEPENDENCIES
  bpm!
