GIT
  remote: git://github.com/bpm/bpm.git
  revision: cb14e178bbd818110cd08aa6f2c7927a0e69e1a9
  specs:
    bpm (1.0.0.beta.13)
      gemcutter (~> 0.6.1)
      highline (~> 1.6.1)
      json_pure (~> 1.4.6)
      libgems (~> 0.1.2)
      sprockets (~> 2.0.0.beta.13)
      therubyracer (~> 0.9.3)
      thor (~> 0.14.3)

GEM
  remote: http://rubygem.org/
  specs:
    activemodel (3.0.9)
      activesupport (= 3.0.9)
      builder (~> 2.1.2)
      i18n (~> 0.5.0)
    activesupport (3.0.9)
    addressable (2.2.6)
    builder (2.1.2)
    daemons (1.1.4)
    em-http-request (1.0.0.beta.4)
      addressable (>= 2.2.3)
      em-socksify
      eventmachine (>= 1.0.0.beta.3)
      http_parser.rb (>= 0.5.1)
    em-socksify (0.1.0)
      eventmachine
    eventmachine (1.0.0.beta.3)
    gemcutter (0.6.1)
    highline (1.6.2)
    hike (1.2.0)
    http_parser.rb (0.5.1)
    i18n (0.5.0)
    json_pure (1.4.6)
    launchy (2.0.5)
      addressable (~> 2.2.6)
    libgems (0.1.2)
    libv8 (3.3.10.2)
    mime-types (1.16)
    oauth (0.4.5)
    rack (1.3.2)
    sprockets (2.0.0.beta.13)
      hike (~> 1.2)
      rack (~> 1.0)
      tilt (!= 1.3.0, ~> 1.1)
    strobe (0.3.4)
      activemodel (~> 3.0.0)
      em-http-request (~> 1.0.0.beta)
      launchy
      mime-types (~> 1.16.0)
      oauth (~> 0.4.5)
      rack (~> 1.3.0)
      thin (~> 1.2.0)
      thor (~> 0.14.0)
    therubyracer (0.9.3)
      libv8 (~> 3.3.10)
    thin (1.2.11)
      daemons (>= 1.0.9)
      eventmachine (>= 0.12.6)
      rack (>= 1.0.0)
    thor (0.14.6)
    tilt (1.3.2)

PLATFORMS
  ruby

DEPENDENCIES
  bpm!
  strobe
